GIT
  remote: https://github.com/ManageIQ/manageiq-gems-pending.git
  revision: f695bd75e1d98d54970ca1aad9ccb1452fb4cab2
  branch: master
  specs:
    manageiq-gems-pending (0.1.0)
      activesupport (>= 6.0)
      awesome_spawn (~> 1.5)
      aws-sdk-s3 (~> 1.0)
      bundler (~> 2.1, >= 2.1.4, != 2.2.10)
      fog-openstack (~> 1.0)
      more_core_extensions (~> 4.5)
      net-ftp (~> 0.1.2)
      nokogiri (~> 1.14, >= 1.14.3)
      rexml (>= 3.3.6)
      sys-proctable (~> 1.2.5)
      sys-uname (~> 1.2.1)
      win32ole (~> 1.8.8)
      zeitwerk (~> 2.6, >= 2.6.8)

GEM
  remote: https://rubygems.manageiq.org/
  specs:

GEM
  remote: https://rubygems.manageiq.org/
  remote: https://rubygems.org/
  specs:
    activesupport (8.0.1)
      base64
      benchmark (>= 0.3)
      bigdecimal
      concurrent-ruby (~> 1.0, >= 1.3.1)
      connection_pool (>= 2.2.5)
      drb
      i18n (>= 1.6, < 2)
      logger (>= 1.4.2)
      minitest (>= 5.1)
      securerandom (>= 0.3)
      tzinfo (~> 2.0, >= 2.0.5)
      uri (>= 0.13.1)
    addressable (2.8.7)
      public_suffix (>= 2.0.2, < 7.0)
    awesome_spawn (1.6.0)
    aws-eventstream (1.3.0)
    aws-partitions (1.1031.0)
    aws-sdk-core (3.214.1)
      aws-eventstream (~> 1, >= 1.3.0)
      aws-partitions (~> 1, >= 1.992.0)
      aws-sigv4 (~> 1.9)
      jmespath (~> 1, >= 1.6.1)
    aws-sdk-kms (1.96.0)
      aws-sdk-core (~> 3, >= 3.210.0)
      aws-sigv4 (~> 1.5)
    aws-sdk-s3 (1.177.0)
      aws-sdk-core (~> 3, >= 3.210.0)
      aws-sdk-kms (~> 1)
      aws-sigv4 (~> 1.5)
    aws-sigv4 (1.10.1)
      aws-eventstream (~> 1, >= 1.0.2)
    azure-armrest (0.15.0)
      activesupport (>= 4.2.2)
      addressable (~> 2.8)
      azure-signature (~> 0.3.0)
      json (~> 2)
      memoist (~> 0.15)
      parallel (~> 1.22)
      rest-client (~> 2.1.0)
    azure-signature (0.3.0)
      activesupport (>= 4.2.2)
      addressable (~> 2)
    base64 (0.2.0)
    benchmark (0.4.0)
    bigdecimal (3.1.9)
    binary_struct (2.1.0)
    builder (3.3.0)
    concurrent-ruby (1.3.4)
    connection_pool (2.4.1)
    date (3.4.1)
    domain_name (0.6.20240107)
    drb (2.2.1)
    excon (1.2.3)
    ffi (1.17.1-aarch64-linux-gnu)
    ffi (1.17.1-aarch64-linux-musl)
    ffi (1.17.1-arm-linux-gnu)
    ffi (1.17.1-arm-linux-musl)
    ffi (1.17.1-arm64-darwin)
    ffi (1.17.1-x86_64-darwin)
    ffi (1.17.1-x86_64-linux-gnu)
    ffi (1.17.1-x86_64-linux-musl)
    ffi-vix_disk_lib (1.4.0)
      ffi
    fog-core (2.6.0)
      builder
      excon (~> 1.0)
      formatador (>= 0.2, < 2.0)
      mime-types
    fog-json (1.2.0)
      fog-core
      multi_json (~> 1.10)
    fog-openstack (1.1.3)
      fog-core (~> 2.1)
      fog-json (>= 1.0)
    formatador (1.1.0)
    handsoap (0.2.5.5)
      nokogiri (>= 1.2.3)
    http-accept (1.7.0)
    http-cookie (1.0.8)
      domain_name (~> 0.5)
    httpclient (2.8.3)
    i18n (1.14.6)
      concurrent-ruby (~> 1.0)
    iniparse (1.5.0)
    jmespath (1.6.2)
    json (2.9.1)
    linux_block_device (0.2.1)
    logger (1.6.4)
    manageiq-password (1.2.0)
    manageiq-smartstate (0.10.1)
      activesupport
      awesome_spawn (~> 1.5)
      azure-armrest (~> 0.9)
      binary_struct (~> 2.1)
      iniparse
      linux_block_device (~> 0.2.1)
      manageiq-password (< 2)
      memory_buffer (>= 0.1.0)
      rufus-lru (~> 1.0.3)
      sys-uname (~> 1.2.1)
      uuidtools (~> 2.1)
      vmware_web_service (~> 3.0)
    memoist (0.16.2)
    memory_buffer (0.1.0)
    mime-types (3.6.0)
      logger
      mime-types-data (~> 3.2015)
    mime-types-data (3.2024.1203)
    minitest (5.25.4)
    more_core_extensions (4.5.0)
      activesupport
      sync
    multi_json (1.15.0)
    net-ftp (0.1.4)
      net-protocol
      time
    net-protocol (0.2.2)
      timeout
    netrc (0.11.0)
    nokogiri (1.18.1-aarch64-linux-gnu)
      racc (~> 1.4)
    nokogiri (1.18.1-aarch64-linux-musl)
      racc (~> 1.4)
    nokogiri (1.18.1-arm-linux-gnu)
      racc (~> 1.4)
    nokogiri (1.18.1-arm-linux-musl)
      racc (~> 1.4)
    nokogiri (1.18.1-arm64-darwin)
      racc (~> 1.4)
    nokogiri (1.18.1-x86_64-darwin)
      racc (~> 1.4)
    nokogiri (1.18.1-x86_64-linux-gnu)
      racc (~> 1.4)
    nokogiri (1.18.1-x86_64-linux-musl)
      racc (~> 1.4)
    parallel (1.26.3)
    public_suffix (6.0.1)
    racc (1.8.1)
    rest-client (2.1.0)
      http-accept (>= 1.7.0, < 2.0)
      http-cookie (>= 1.0.2, < 2.0)
      mime-types (>= 1.16, < 4.0)
      netrc (~> 0.8)
    rexml (3.4.0)
    rufus-lru (1.0.7)
    securerandom (0.4.1)
    sync (0.5.0)
    sys-proctable (1.2.7)
      ffi (~> 1.1)
    sys-uname (1.2.3)
      ffi (~> 1.1)
    time (0.4.1)
      date
    timeout (0.4.3)
    tzinfo (2.0.6)
      concurrent-ruby (~> 1.0)
    uri (1.0.2)
    uuidtools (2.2.0)
    vmware_web_service (3.4.0)
      ffi-vix_disk_lib (~> 1.1)
      handsoap (~> 0.2.5)
      httpclient (~> 2.8.0)
      more_core_extensions (>= 3.2, < 5)
    webrick (1.9.1)
    win32ole (1.8.10)
    zeitwerk (2.7.1)

PLATFORMS
  aarch64-linux-gnu
  aarch64-linux-musl
  arm-linux-gnu
  arm-linux-musl
  arm64-darwin
  x86_64-darwin
  x86_64-linux-gnu
  x86_64-linux-musl

DEPENDENCIES
  handsoap (= 0.2.5.5)!
  manageiq-gems-pending!
  manageiq-smartstate
  webrick

BUNDLED WITH
   2.6.2
